GIT
  remote: https://github.com/fhir-crucible/fhir_client.git
  revision: 319482b0105301902ee8b0371b3fae5e75c7c7e0
  branch: multiversion
  specs:
    fhir_client (3.0.1)
      activesupport (>= 3)
      addressable (>= 2.3)
      fhir_dstu2_models (>= 1.0.3)
      fhir_models (>= 3.0.2)
      nokogiri
      oauth2 (~> 1.1)
      rack (>= 1.5)
      rest-client (~> 2.0)
      tilt (>= 1.1)

GIT
  remote: https://github.com/fhir-crucible/fhir_scorecard.git
  revision: edb5923484da63df4b0a68b7379e9511fc54d581
  specs:
    fhir_scorecard (3.0.1)
      fhir_dstu2_models
      fhir_models (>= 3.0.0)

GIT
  remote: https://github.com/fhir-crucible/plan_executor.git
  revision: f16bc835b9e53fe89cbd700c02c595e40036e75b
  branch: multiversion
  specs:
    plan_executor (1.8.0)
      ansi
      fhir_client
      fhir_models
      jsonpath
      method_source
      nokogiri
      nokogiri-diff

GIT
  remote: https://github.com/synthetichealth/synthea.git
  revision: 0e9cfd20c4ace8324d53ba6f72a119eaacb3ddce
  specs:
    synthea (1.2.0)
      area
      chunky_png
      concurrent-ruby
      distribution (~> 0.7.3)
      faker (~> 1.6, >= 1.6.0)
      fhir_client (>= 3.0.1)
      fhir_dstu2_models
      fhir_models (>= 3.0.1)
      georuby
      highline
      json
      net-sftp
      pickup (~> 0.0.11, >= 0.0.11)
      recursive-open-struct (~> 1.0, >= 1.0.0)
      ruby-graphviz

GEM
  remote: https://rubygems.org/
  specs:
    actionmailer (4.2.4)
      actionpack (= 4.2.4)
      actionview (= 4.2.4)
      activejob (= 4.2.4)
      mail (~> 2.5, >= 2.5.4)
      rails-dom-testing (~> 1.0, >= 1.0.5)
    actionpack (4.2.4)
      actionview (= 4.2.4)
      activesupport (= 4.2.4)
      rack (~> 1.6)
      rack-test (~> 0.6.2)
      rails-dom-testing (~> 1.0, >= 1.0.5)
      rails-html-sanitizer (~> 1.0, >= 1.0.2)
    actionview (4.2.4)
      activesupport (= 4.2.4)
      builder (~> 3.1)
      erubis (~> 2.7.0)
      rails-dom-testing (~> 1.0, >= 1.0.5)
      rails-html-sanitizer (~> 1.0, >= 1.0.2)
    active_model_serializers (0.10.6)
      actionpack (>= 4.1, < 6)
      activemodel (>= 4.1, < 6)
      case_transform (>= 0.2)
      jsonapi-renderer (>= 0.1.1.beta1, < 0.2)
    activejob (4.2.4)
      activesupport (= 4.2.4)
      globalid (>= 0.3.0)
    activemodel (4.2.4)
      activesupport (= 4.2.4)
      builder (~> 3.1)
    activerecord (4.2.4)
      activemodel (= 4.2.4)
      activesupport (= 4.2.4)
      arel (~> 6.0)
    activesupport (4.2.4)
      i18n (~> 0.7)
      json (~> 1.7, >= 1.7.7)
      minitest (~> 5.1)
      thread_safe (~> 0.3, >= 0.3.4)
      tzinfo (~> 1.1)
    addressable (2.5.1)
      public_suffix (~> 2.0, >= 2.0.2)
    ansi (1.5.0)
    area (0.10.0)
      fastercsv (~> 1.5)
    arel (6.0.4)
    autoprefixer-rails (7.1.2.4)
      execjs
    bcp47 (0.3.3)
      i18n
    bcrypt (3.1.11)
    bson (3.2.7)
    builder (3.2.3)
    byebug (9.0.6)
    case_transform (0.2)
      activesupport
    chunky_png (1.3.8)
    coderay (1.1.1)
    coffee-rails (4.0.1)
      coffee-script (>= 2.2.0)
      railties (>= 4.0.0, < 5.0)
    coffee-script (2.4.1)
      coffee-script-source
      execjs
    coffee-script-source (1.12.2)
    concurrent-ruby (1.0.5)
    connection_pool (2.2.1)
    crack (0.4.3)
      safe_yaml (~> 1.0.0)
    daemons (1.2.4)
    date_time_precision (0.8.1)
    delayed_job (4.1.3)
      activesupport (>= 3.0, < 5.2)
    delayed_job_mongoid (2.3.0)
      delayed_job (>= 3.0, < 5)
      mongoid (>= 3.0, < 7)
      mongoid-compatibility (>= 0.4.0)
    devise (3.5.10)
      bcrypt (~> 3.0)
      orm_adapter (~> 0.1)
      railties (>= 3.2.6, < 5)
      responders
      thread_safe (~> 0.1)
      warden (~> 1.2.3)
    distribution (0.7.3)
    docile (1.1.5)
    domain_name (0.5.20170404)
      unf (>= 0.0.5, < 1.0.0)
    easy_diff (1.0.0)
    em-websocket (0.5.1)
      eventmachine (>= 0.12.9)
      http_parser.rb (~> 0.6.0)
    erubis (2.7.0)
    eventmachine (1.2.5)
    execjs (2.7.0)
    faker (1.8.4)
      i18n (~> 0.5)
    faraday (0.12.2)
      multipart-post (>= 1.2, < 3)
    fastercsv (1.5.5)
    ffi (1.9.18)
    fhir_dstu2_models (1.0.3)
      bcp47 (>= 0.3)
      date_time_precision (>= 0.8)
      mime-types (>= 1.16, < 3)
      nokogiri (>= 1.7)
    fhir_models (3.0.2)
      bcp47 (>= 0.3)
      date_time_precision (>= 0.8)
      mime-types (>= 1.16)
      nokogiri (>= 1.6)
    formatador (0.2.5)
    georuby (2.5.2)
    globalid (0.4.0)
      activesupport (>= 4.2.0)
    guard (2.14.1)
      formatador (>= 0.2.4)
      listen (>= 2.7, < 4.0)
      lumberjack (~> 1.0)
      nenv (~> 0.1)
      notiffany (~> 0.0)
      pry (>= 0.9.12)
      shellany (~> 0.0)
      thor (>= 0.18.1)
    guard-compat (1.2.1)
    guard-livereload (2.5.2)
      em-websocket (~> 0.5)
      guard (~> 2.8)
      guard-compat (~> 1.0)
      multi_json (~> 1.8)
    handlebars_assets (0.16)
      execjs (>= 1.2.9)
      multi_json
      sprockets (>= 2.0.3)
      tilt
    hashdiff (0.3.5)
    highline (1.7.8)
    hike (1.2.3)
    http-cookie (1.0.3)
      domain_name (~> 0.5)
    http_parser.rb (0.6.0)
    i18n (0.8.6)
    jbuilder (2.7.0)
      activesupport (>= 4.2.0)
      multi_json (>= 1.2)
    json (1.8.6)
    jsonapi-renderer (0.1.3)
    jsonpath (0.8.7)
      multi_json
    jwt (1.5.6)
    listen (3.1.5)
      rb-fsevent (~> 0.9, >= 0.9.4)
      rb-inotify (~> 0.9, >= 0.9.7)
      ruby_dep (~> 1.2)
    loofah (2.0.3)
      nokogiri (>= 1.5.9)
    lumberjack (1.0.12)
    magic_lamp (1.8.1)
      method_source
      rails (>= 4.0.0)
      rake
    mail (2.6.6)
      mime-types (>= 1.16, < 4)
    method_source (0.8.2)
    mime-types (2.99.3)
    mini_portile2 (2.2.0)
    minitest (5.10.3)
    minitest-reporters (1.1.14)
      ansi
      builder
      minitest (>= 5.0)
      ruby-progressbar
    mongoid (4.0.2)
      activemodel (~> 4.0)
      moped (~> 2.0.0)
      origin (~> 2.1)
      tzinfo (>= 0.3.37)
    mongoid-compatibility (0.4.1)
      activesupport
      mongoid (>= 2.0)
    mongoid-history (0.6.1)
      activesupport
      easy_diff
      mongoid (>= 3.0)
      mongoid-compatibility
    moped (2.0.7)
      bson (~> 3.0)
      connection_pool (~> 2.0)
      optionable (~> 0.2.0)
    multi_json (1.12.1)
    multi_xml (0.6.0)
    multipart-post (2.0.0)
    nenv (0.3.0)
    net-sftp (2.1.2)
      net-ssh (>= 2.6.5)
    net-ssh (4.1.0)
    netrc (0.11.0)
    nokogiri (1.8.0)
      mini_portile2 (~> 2.2.0)
    nokogiri-diff (0.2.0)
      nokogiri (~> 1.5)
      tdiff (~> 0.3, >= 0.3.2)
    non-stupid-digest-assets (1.0.9)
      sprockets (>= 2.0)
    notiffany (0.1.1)
      nenv (~> 0.1)
      shellany (~> 0.0)
    oauth2 (1.4.0)
      faraday (>= 0.8, < 0.13)
      jwt (~> 1.0)
      multi_json (~> 1.3)
      multi_xml (~> 0.5)
      rack (>= 1.2, < 3)
    optionable (0.2.0)
    origin (2.3.1)
    orm_adapter (0.5.0)
    pickup (0.0.11)
    pry (0.10.4)
      coderay (~> 1.1.0)
      method_source (~> 0.8.1)
      slop (~> 3.4)
    pry-byebug (3.4.2)
      byebug (~> 9.0)
      pry (~> 0.10)
    public_suffix (2.0.5)
    rack (1.6.8)
    rack-test (0.6.3)
      rack (>= 1.0)
    rails (4.2.4)
      actionmailer (= 4.2.4)
      actionpack (= 4.2.4)
      actionview (= 4.2.4)
      activejob (= 4.2.4)
      activemodel (= 4.2.4)
      activerecord (= 4.2.4)
      activesupport (= 4.2.4)
      bundler (>= 1.3.0, < 2.0)
      railties (= 4.2.4)
      sprockets-rails
    rails-deprecated_sanitizer (1.0.3)
      activesupport (>= 4.2.0.alpha)
    rails-dom-testing (1.0.8)
      activesupport (>= 4.2.0.beta, < 5.0)
      nokogiri (~> 1.6)
      rails-deprecated_sanitizer (>= 1.0.1)
    rails-html-sanitizer (1.0.3)
      loofah (~> 2.0)
    railties (4.2.4)
      actionpack (= 4.2.4)
      activesupport (= 4.2.4)
      rake (>= 0.8.7)
      thor (>= 0.18.1, < 2.0)
    rake (12.0.0)
    rb-fsevent (0.10.2)
    rb-inotify (0.9.10)
      ffi (>= 0.5.0, < 2)
    rdoc (4.3.0)
    recursive-open-struct (1.0.5)
    responders (2.4.0)
      actionpack (>= 4.2.0, < 5.3)
      railties (>= 4.2.0, < 5.3)
    rest-client (2.0.2)
      http-cookie (>= 1.0.2, < 2.0)
      mime-types (>= 1.16, < 4.0)
      netrc (~> 0.8)
    ruby-graphviz (1.2.3)
    ruby-progressbar (1.8.1)
    ruby_dep (1.5.0)
    safe_yaml (1.0.4)
    sass (3.2.19)
    sass-rails (4.0.5)
      railties (>= 4.0.0, < 5.0)
      sass (~> 3.2.2)
      sprockets (~> 2.8, < 3.0)
      sprockets-rails (~> 2.0)
    sdoc (0.4.2)
      json (~> 1.7, >= 1.7.7)
      rdoc (~> 4.0)
    shellany (0.0.1)
    simple_token_authentication (1.8.0)
      actionmailer (>= 3.2.6, < 5)
      actionpack (>= 3.2.6, < 5)
      devise (~> 3.2)
    simplecov (0.14.1)
      docile (~> 1.1.0)
      json (>= 1.8, < 3)
      simplecov-html (~> 0.10.0)
    simplecov-html (0.10.1)
    slop (3.6.0)
    sprockets (2.12.4)
      hike (~> 1.2)
      multi_json (~> 1.0)
      rack (~> 1.0)
      tilt (~> 1.1, != 1.3.0)
    sprockets-rails (2.3.3)
      actionpack (>= 3.0)
      activesupport (>= 3.0)
      sprockets (>= 2.8, < 4.0)
    tdiff (0.3.3)
    teaspoon (1.1.5)
      railties (>= 3.2.5, < 6)
    teaspoon-jasmine (2.3.4)
      teaspoon (>= 1.0.0)
    thor (0.19.4)
    thread_safe (0.3.6)
    tilt (1.4.1)
    tzinfo (1.2.3)
      thread_safe (~> 0.1)
    uglifier (3.2.0)
      execjs (>= 0.3.0, < 3)
    unf (0.1.4)
      unf_ext
    unf_ext (0.0.7.4)
    warden (1.2.7)
      rack (>= 1.0)
    webmock (3.0.1)
      addressable (>= 2.3.6)
      crack (>= 0.3.2)
      hashdiff

PLATFORMS
  ruby

DEPENDENCIES
  active_model_serializers
  addressable
  autoprefixer-rails
  bcp47
  coffee-rails (~> 4.0.0)
  daemons
  date_time_precision
  delayed_job_mongoid
  devise
  fhir_client!
  fhir_scorecard!
  guard-livereload
  handlebars_assets (= 0.16)
  jbuilder (~> 2.0)
  magic_lamp
  minitest
  minitest-reporters
  mongoid (>= 4.0.0, < 5)
  mongoid-history
  nokogiri
  nokogiri-diff
  non-stupid-digest-assets
  oauth2
  plan_executor!
  pry
  pry-byebug
  rails (= 4.2.4)
  responders (~> 2.0)
  rest-client
  ruby-progressbar
  sass-rails (~> 4.0.3)
  sdoc (~> 0.4.0)
  simple_token_authentication (~> 1.8.0)
  simplecov
  synthea!
  teaspoon-jasmine
  uglifier (>= 1.3.0)
  webmock

BUNDLED WITH
   1.15.1
